GEM
  remote: https://rubygems.org/
  specs:
    actionmailer (2.3.18)
      actionpack (= 2.3.18)
    actionpack (2.3.18)
      activesupport (= 2.3.18)
      rack (~> 1.1.0)
    activerecord (2.3.18)
      activesupport (= 2.3.18)
    activeresource (2.3.18)
      activesupport (= 2.3.18)
    activesupport (2.3.18)
    acts-as-taggable-on (2.1.0)
      rails
    capybara (1.1.4)
      mime-types (>= 1.16)
      nokogiri (>= 1.3.3)
      rack (>= 1.0.0)
      rack-test (>= 0.5.4)
      selenium-webdriver (~> 2.0)
      xpath (~> 0.1.4)
    childprocess (0.3.9)
      ffi (~> 1.0, >= 1.0.11)
    coderay (1.0.9)
    colorize (0.5.8)
    coveralls (0.6.7)
      colorize
      multi_json (~> 1.3)
      rest-client
      simplecov (>= 0.7)
      thor
    edavis10-object_daddy (0.4.3)
    fastercsv (1.5.5)
    ffi (1.8.1)
    gravatarify (3.0.0)
    i18n (0.4.2)
    json (1.7.7)
    liquid (2.3.0)
    metaclass (0.0.1)
    mime-types (1.23)
    mocha (0.12.1)
      metaclass (~> 0.0.1)
    multi_json (1.7.4)
    net-ldap (0.3.1)
    nokogiri (1.5.9)
    pg (0.15.1)
    rack (1.1.6)
    rack-test (0.6.2)
      rack (>= 1.0)
    rails (2.3.18)
      actionmailer (= 2.3.18)
      actionpack (= 2.3.18)
      activerecord (= 2.3.18)
      activeresource (= 2.3.18)
      activesupport (= 2.3.18)
      rake (>= 0.8.3)
    rake (10.0.4)
    rdoc (4.0.1)
      json (~> 1.4)
    rest-client (1.6.7)
      mime-types (>= 1.16)
    ruby-openid (2.1.8)
    rubytree (0.5.3)
    rubyzip (0.9.9)
    selenium-webdriver (2.33.0)
      childprocess (>= 0.2.5)
      multi_json (~> 1.0)
      rubyzip
      websocket (~> 1.0.4)
    shoulda (2.10.3)
    simplecov (0.7.1)
      multi_json (~> 1.0)
      simplecov-html (~> 0.7.1)
    simplecov-html (0.7.1)
    test-unit (2.5.5)
    thor (0.18.1)
    tzinfo (0.3.37)
    websocket (1.0.7)
    xpath (0.1.4)
      nokogiri (~> 1.3)

PLATFORMS
  ruby

DEPENDENCIES
  acts-as-taggable-on (= 2.1.0)
  capybara (< 2.0.0)
  coderay (~> 1.0.0)
  coveralls
  edavis10-object_daddy
  fastercsv (~> 1.5.0)
  gravatarify (~> 3.0.0)
  i18n (~> 0.4.2)
  json (~> 1.7.7)
  liquid (~> 2.3.0)
  mocha (= 0.12.1)
  net-ldap (~> 0.3.1)
  pg
  rails (= 2.3.18)
  rdoc (>= 2.4.2)
  ruby-openid (~> 2.1.4)
  rubytree (~> 0.5.2)
  shoulda (~> 2.10.3)
  test-unit
  tzinfo (~> 0.3.31)
